GEM
  remote: http://rubygems.org/
  specs:
    autoprefixer-rails (0.8.20131213)
      execjs
    blankslate (2.1.2.4)
    chunky_png (1.2.9)
    classifier (1.3.3)
      fast-stemmer (>= 1.0.0)
    coffee-script (2.2.0)
      coffee-script-source
      execjs
    coffee-script-source (1.6.3)
    colorator (0.1)
    commander (4.1.5)
      highline (~> 1.6.11)
    compass (0.12.2)
      chunky_png (~> 1.2)
      fssm (>= 0.2.7)
      sass (~> 3.1)
    compass-normalize (1.4.3)
      compass (>= 0.12.0)
    csso-rails (0.3.2)
      execjs (>= 1)
    dotenv (0.9.0)
    execjs (2.0.2)
    fast-stemmer (1.0.2)
    ffi (1.9.3)
    foreman (0.63.0)
      dotenv (>= 0.7)
      thor (>= 0.13.6)
    fssm (0.2.10)
    highline (1.6.20)
    jekyll (1.4.1)
      classifier (~> 1.3)
      colorator (~> 0.1)
      commander (~> 4.1.3)
      liquid (~> 2.5.2)
      listen (~> 1.3)
      maruku (~> 0.7.0)
      pygments.rb (~> 0.5.0)
      redcarpet (~> 2.3.0)
      safe_yaml (~> 0.9.7)
      toml (~> 0.1.0)
    kgio (2.8.1)
    kramdown (1.3.0)
    liquid (2.5.4)
    listen (1.3.1)
      rb-fsevent (>= 0.9.3)
      rb-inotify (>= 0.9)
      rb-kqueue (>= 0.2)
    maruku (0.7.0)
    modular-scale (1.0.6)
      compass (>= 0.12.1)
      sass (>= 3.2.0)
      sassy-math (>= 1.5)
    parslet (1.5.0)
      blankslate (~> 2.0)
    posix-spawn (0.3.8)
    pygments.rb (0.5.4)
      posix-spawn (~> 0.3.6)
      yajl-ruby (~> 1.1.0)
    rack (1.5.2)
    rack-jekyll (0.4.1)
      jekyll (>= 0.12.0, < 2.0)
      rack (~> 1.5.0)
    rack-rewrite (1.2.1)
    raindrops (0.12.0)
    rake (10.1.0)
    rb-fsevent (0.9.3)
    rb-inotify (0.9.2)
      ffi (>= 0.5.0)
    rb-kqueue (0.2.0)
      ffi (>= 0.5.0)
    redcarpet (2.3.0)
    safe_yaml (0.9.7)
    sass (3.2.12)
    sassy-math (1.5)
      compass (~> 0.11)
    stringex (2.1.2)
    susy (1.0.9)
      compass (>= 0.12.2)
      sass (>= 3.2.0)
    thor (0.18.1)
    toml (0.1.0)
      parslet (~> 1.5.0)
    unicorn (4.7.0)
      kgio (~> 2.6)
      rack
      raindrops (~> 0.7)
    yajl-ruby (1.1.0)

PLATFORMS
  ruby

DEPENDENCIES
  autoprefixer-rails (~> 0.8.20131213)
  coffee-script (~> 2.2.0)
  compass (~> 0.12.2)
  compass-normalize (~> 1.4.3)
  csso-rails (~> 0.3.2)
  foreman (~> 0.63.0)
  jekyll (~> 1.4.1)
  kramdown (~> 1.3.0)
  liquid (~> 2.5.2)
  modular-scale (~> 1.0.6)
  rack (~> 1.5.0)
  rack-jekyll (~> 0.4.1)
  rack-rewrite (~> 1.2.1)
  rake (~> 10.1.0)
  rb-fsevent (~> 0.9.3)
  stringex (~> 2.1.2)
  susy (~> 1.0.8)
  unicorn (~> 4.7.0)
