GEM
  remote: http://rubygems.org/
  specs:
    chunky_png (1.2.8)
    classifier (1.3.3)
      fast-stemmer (>= 1.0.0)
    coffee-script (2.2.0)
      coffee-script-source
      execjs
    coffee-script-source (1.6.2)
    colorator (0.1)
    commander (4.1.3)
      highline (~> 1.6.11)
    compass (0.12.2)
      chunky_png (~> 1.2)
      fssm (>= 0.2.7)
      sass (~> 3.1)
    directory_watcher (1.4.1)
    execjs (1.4.0)
      multi_json (~> 1.0)
    fast-stemmer (1.0.2)
    fssm (0.2.10)
    highline (1.6.19)
    jekyll (1.0.2)
      classifier (~> 1.3)
      colorator (~> 0.1)
      commander (~> 4.1.3)
      directory_watcher (~> 1.4.1)
      kramdown (~> 1.0.2)
      liquid (~> 2.3)
      maruku (~> 0.5)
      pygments.rb (~> 0.5.0)
      safe_yaml (~> 0.7.0)
    kramdown (1.0.2)
    liquid (2.3.0)
    maruku (0.6.1)
      syntax (>= 1.0.0)
    multi_json (1.7.3)
    posix-spawn (0.3.6)
    pygments.rb (0.5.0)
      posix-spawn (~> 0.3.6)
      yajl-ruby (~> 1.1.0)
    rack (1.4.5)
    rack-protection (1.5.0)
      rack
    rack-rewrite (1.2.1)
    rake (0.9.2.2)
    rb-fsevent (0.9.3)
    safe_yaml (0.7.1)
    sass (3.1.21)
    sinatra (1.3.6)
      rack (~> 1.4)
      rack-protection (~> 1.3)
      tilt (~> 1.3, >= 1.3.3)
    stringex (1.4.0)
    syntax (1.0.0)
    tilt (1.4.1)
    yajl-ruby (1.1.0)

PLATFORMS
  ruby

DEPENDENCIES
  coffee-script (~> 2.2.0)
  compass (~> 0.12.2)
  jekyll (~> 1.0.2)
  liquid (~> 2.3.0)
  rack (~> 1.4.1)
  rack-rewrite (~> 1.2.1)
  rake (~> 0.9.2.2)
  rb-fsevent (~> 0.9.1)
  sass (~> 3.1.20)
  sinatra (~> 1.3.2)
  stringex (~> 1.4.0)
